PATH
  remote: .
  specs:
    syndi (0.1.3)
      archive-tar-minitar (>= 0.5)
      bundler (>= 1.3)
      celluloid (~> 0.12)
      celluloid-io (~> 0.12)
      redis (~> 3.0)
      slop (~> 3.4)
      term-ansicolor (>= 1.0)
      thor (~> 0.17)

GEM
  remote: https://rubygems.org/
  specs:
    archive-tar-minitar (0.5.2)
    celluloid (0.12.4)
      facter (>= 1.6.12)
      timers (>= 1.0.0)
    celluloid-io (0.12.1)
      celluloid (~> 0.12.0)
      nio4r (>= 0.4.0)
    diff-lcs (1.2.1)
    facter (1.6.17)
    nio4r (0.4.3)
    rake (10.0.3)
    rake-compiler (0.8.3)
      rake
    redis (3.0.3)
    rspec (2.13.0)
      rspec-core (~> 2.13.0)
      rspec-expectations (~> 2.13.0)
      rspec-mocks (~> 2.13.0)
    rspec-core (2.13.0)
    rspec-expectations (2.13.0)
      diff-lcs (>= 1.1.3, < 2.0)
    rspec-mocks (2.13.0)
    slop (3.4.3)
    term-ansicolor (1.0.7)
    thor (0.17.0)
    timers (1.1.0)

PLATFORMS
  ruby

DEPENDENCIES
  rake
  rake-compiler
  rspec
  syndi!
