GEM
  remote: http://rubygems.org/
  specs:
    colored (1.2)
    highline (1.6.15)
    metaclass (0.0.1)
    mocha (0.13.2)
      metaclass (~> 0.0.1)
    rake (10.0.3)
    rake-compiler (0.8.2)
      rake
    redis (3.0.2)
    slop (3.4.3)

PLATFORMS
  ruby

DEPENDENCIES
  colored (~> 1.2)
  highline (~> 1.6)
  mocha (~> 0.13)
  rake (~> 10.0)
  rake-compiler (~> 0.8)
  redis (~> 3.0)
  slop (~> 3.4)
