GEM
  remote: http://rubygems.org/
  specs:
    colored (1.2)
    highline (1.6.15)
    rake (10.0.3)
    sequel (3.42.0)
    slop (3.3.3)

PLATFORMS
  ruby

DEPENDENCIES
  colored (~> 1.2)
  highline (~> 1.6)
  rake (~> 10.0)
  sequel (~> 3.42)
  slop (~> 3.3)
