GEM
  remote: http://rubygems.org/
  specs:
    colored (1.2)
    highline (1.6.15)
    metaclass (0.0.1)
    mocha (0.13.1)
      metaclass (~> 0.0.1)
    rake (10.0.3)
    rake-compiler (0.8.2)
      rake
    sequel (3.43.0)
    slop (3.4.1)

PLATFORMS
  ruby

DEPENDENCIES
  colored (~> 1.2)
  highline (~> 1.6)
  mocha (~> 0.13)
  rake (~> 10.0)
  rake-compiler (~> 0.8)
  sequel (~> 3.43)
  slop (~> 3.4.1)
