GEM
  remote: http://rubygems.org/
  specs:
    bacon (1.2.0)
    colored (1.2)
    facon (0.5.0)
    highline (1.6.15)
    rake (0.9.2.2)
    sequel (3.42.0)
    slop (3.3.3)

PLATFORMS
  ruby

DEPENDENCIES
  bacon (~> 1.2)
  colored (~> 1.2)
  facon (~> 0.5)
  highline (~> 1.6)
  rake (~> 0.9)
  sequel (~> 3.42)
  slop (~> 3.3)
